GEM
  remote: https://rubygems.org/
  specs:
    elasticsearch (1.0.1)
      elasticsearch-api (= 1.0.1)
      elasticsearch-transport (= 1.0.1)
    elasticsearch-api (1.0.1)
      multi_json
    elasticsearch-transport (1.0.1)
      faraday
      multi_json
    faraday (0.9.0)
      multipart-post (>= 1.2, < 3)
    mail (2.5.4)
      mime-types (~> 1.16)
      treetop (~> 1.4.8)
    mime-types (1.25.1)
    multi_json (1.9.2)
    multipart-post (2.0.0)
    polyglot (0.3.4)
    rack (1.5.2)
    rack-protection (1.5.3)
      rack
    shotgun (0.9)
      rack (>= 1.0)
    sinatra (1.4.5)
      rack (~> 1.4)
      rack-protection (~> 1.4)
      tilt (~> 1.3, >= 1.3.4)
    tilt (1.4.1)
    treetop (1.4.15)
      polyglot
      polyglot (>= 0.3.1)

PLATFORMS
  ruby

DEPENDENCIES
  elasticsearch
  mail
  shotgun
  sinatra
